GEM
  remote: http://rubygems.org/
  specs:
    addressable (2.2.7)
    bootstrap-sass (2.0.1)
    bson (1.6.1)
    bson_ext (1.6.1)
      bson (~> 1.6.1)
    chunky_png (1.2.5)
    compass (0.12.1)
      chunky_png (~> 1.2)
      fssm (>= 0.2.7)
      sass (~> 3.1)
    compass-susy-plugin (0.9)
      compass (>= 0.11.1)
    faraday (0.7.6)
      addressable (~> 2.2)
      multipart-post (~> 1.1)
      rack (~> 1.1)
    fssm (0.2.8.1)
    haml (3.1.4)
    koala (1.4.0)
      faraday (~> 0.7.0)
      multi_json (~> 1.0)
    mongo (1.6.1)
      bson (~> 1.6.1)
    multi_json (1.2.0)
    multipart-post (1.1.5)
    rack (1.4.1)
    rack-protection (1.2.0)
      rack
    sass (3.1.15)
    sinatra (1.3.2)
      rack (~> 1.3, >= 1.3.6)
      rack-protection (~> 1.2)
      tilt (~> 1.3, >= 1.3.3)
    tilt (1.3.3)

PLATFORMS
  ruby

DEPENDENCIES
  bootstrap-sass
  bson_ext
  compass
  compass-susy-plugin
  haml
  koala
  mongo
  sass
  sinatra
